GEM
  remote: https://rubygems.org/
  specs:
    cinch (2.1.0)
    damm (0.0.1)
    diff-lcs (1.2.5)
    luhn-ruby (1.0.0)
    rake (10.3.2)
    rspec (3.1.0)
      rspec-core (~> 3.1.0)
      rspec-expectations (~> 3.1.0)
      rspec-mocks (~> 3.1.0)
    rspec-core (3.1.6)
      rspec-support (~> 3.1.0)
    rspec-expectations (3.1.2)
      diff-lcs (>= 1.2.0, < 2.0)
      rspec-support (~> 3.1.0)
    rspec-mocks (3.1.3)
      rspec-support (~> 3.1.0)
    rspec-support (3.1.2)
    verhoeff (2.1.0)

PLATFORMS
  ruby

DEPENDENCIES
  cinch
  damm
  luhn-ruby
  rake
  rspec
  verhoeff
